GEM
  remote: http://rubygems.org/
  specs:
    facter (1.7.3)
    hiera (1.3.0)
      json_pure
    json_pure (1.8.1)
    puppet (3.3.2)
      facter (~> 1.6)
      hiera (~> 1.0)
      rgen (~> 0.6.5)
    rgen (0.6.6)

PLATFORMS
  ruby

DEPENDENCIES
  puppet
